PATH
  remote: .
  specs:
    ruby_like_clojure (0.1.0)

GEM
  remote: https://rubygems.org/
  specs:
    ansi (1.5.0)
    builder (3.3.0)
    date (3.4.1)
    io-console (0.8.0)
    irb (1.15.1)
      pp (>= 0.6.0)
      rdoc (>= 4.0.0)
      reline (>= 0.4.2)
    minitest (5.25.4)
    minitest-reporters (1.7.1)
      ansi
      builder
      minitest (>= 5.0)
      ruby-progressbar
    pp (0.6.2)
      prettyprint
    prettyprint (0.2.0)
    psych (5.2.3)
      date
      stringio
    rake (13.2.1)
    rdoc (6.12.0)
      psych (>= 4.0.0)
    reline (0.6.0)
      io-console (~> 0.5)
    ruby-progressbar (1.13.0)
    stringio (3.1.5)

PLATFORMS
  ruby
  x86_64-darwin-24

DEPENDENCIES
  irb
  minitest
  minitest-reporters
  rake
  ruby_like_clojure!

BUNDLED WITH
   2.6.5
